PATH
  remote: .
  specs:
    forms_autofill (0.1.0)
      pdf-forms

GEM
  remote: https://rubygems.org/
  specs:
    cliver (0.3.2)
    coderay (1.1.0)
    diff-lcs (1.2.5)
    method_source (0.8.2)
    pdf-forms (0.6.1)
      cliver (~> 0.3.2)
      safe_shell (~> 1.0)
    pry (0.10.1)
      coderay (~> 1.1.0)
      method_source (~> 0.8.1)
      slop (~> 3.4)
    rake (10.4.2)
    rspec (3.3.0)
      rspec-core (~> 3.3.0)
      rspec-expectations (~> 3.3.0)
      rspec-mocks (~> 3.3.0)
    rspec-core (3.3.2)
      rspec-support (~> 3.3.0)
    rspec-expectations (3.3.1)
      diff-lcs (>= 1.2.0, < 2.0)
      rspec-support (~> 3.3.0)
    rspec-mocks (3.3.2)
      diff-lcs (>= 1.2.0, < 2.0)
      rspec-support (~> 3.3.0)
    rspec-support (3.3.0)
    safe_shell (1.0.2)
    slop (3.6.0)

PLATFORMS
  ruby

DEPENDENCIES
  bundler (~> 1.10)
  forms_autofill!
  pry
  rake (~> 10.0)
  rspec

BUNDLED WITH
   1.10.6
